GEM
  remote: https://rubygems.org/
  specs:
    rmagick (2.16.0)

PLATFORMS
  ruby

DEPENDENCIES
  rmagick

BUNDLED WITH
   1.12.5
